GEM
  remote: https://rubygems.org/
  specs:
    builder (3.2.2)
    contracts (0.7)
    excon (0.45.3)
    fog (1.24.0)
      fog-brightbox
      fog-core (~> 1.23)
      fog-json
      fog-radosgw (>= 0.0.2)
      fog-sakuracloud (>= 0.0.4)
      fog-softlayer
      ipaddress (~> 0.5)
      nokogiri (~> 1.5, >= 1.5.11)
    fog-brightbox (0.7.1)
      fog-core (~> 1.22)
      fog-json
      inflecto (~> 0.0.2)
    fog-core (1.31.1)
      builder
      excon (~> 0.45)
      formatador (~> 0.2)
      mime-types
      net-scp (~> 1.1)
      net-ssh (>= 2.1.3)
    fog-json (1.0.2)
      fog-core (~> 1.0)
      multi_json (~> 1.10)
    fog-radosgw (0.0.4)
      fog-core (>= 1.21.0)
      fog-json
      fog-xml (>= 0.0.1)
    fog-sakuracloud (1.0.1)
      fog-core
      fog-json
    fog-softlayer (0.4.6)
      fog-core
      fog-json
    fog-xml (0.1.2)
      fog-core
      nokogiri (~> 1.5, >= 1.5.11)
    formatador (0.2.5)
    inflecto (0.0.2)
    ipaddress (0.8.0)
    jdbc-postgres (9.4.1200)
    jruby-jars (1.7.20.1)
    jruby-rack (1.1.18)
    macaddr (1.7.1)
      systemu (~> 2.6.2)
    mime-types (2.6.1)
    multi_json (1.11.1)
    net-scp (1.2.1)
      net-ssh (>= 2.6.5)
    net-ssh (2.9.2)
    nokogiri (1.6.6.2-java)
    plissken (0.1.0)
    rake (10.4.2)
    rubyzip (1.1.7)
    sluice (0.2.2)
      contracts (~> 0.4)
      fog (= 1.24)
    snowplow-tracker (0.4.2)
      contracts (~> 0.3)
      uuid (~> 2.3.7)
    systemu (2.6.5)
    uuid (2.3.8)
      macaddr (~> 1.0)
    warbler (1.4.8)
      jruby-jars (>= 1.5.6, < 2.0)
      jruby-rack (>= 1.1.1, < 1.3)
      rake (>= 0.9.6)
      rubyzip (>= 0.9, < 1.2)

PLATFORMS
  java

DEPENDENCIES
  contracts (= 0.7)
  jdbc-postgres
  plissken (~> 0.1.0)
  sluice (~> 0.2.2)
  snowplow-tracker (~> 0.4.2)
  warbler

BUNDLED WITH
   1.10.4
