GEM
  remote: https://rubygems.org/
  specs:
    builder (3.2.2)
    contracts (0.4)
    excon (0.37.0)
    fog (1.22.1)
      fog-brightbox
      fog-core (~> 1.22)
      fog-json
      ipaddress (~> 0.5)
      nokogiri (~> 1.5, >= 1.5.11)
    fog-brightbox (0.1.1)
      fog-core (~> 1.22)
      fog-json
      inflecto
    fog-core (1.22.0)
      builder
      excon (~> 0.33)
      formatador (~> 0.2)
      mime-types
      net-scp (~> 1.1)
      net-ssh (>= 2.1.3)
    fog-json (1.0.0)
      multi_json (~> 1.0)
    formatador (0.2.5)
    inflecto (0.0.2)
    ipaddress (0.8.0)
    jdbc-postgres (9.4.1200)
    jruby-jars (1.7.20.1)
    jruby-rack (1.1.18)
    mime-types (2.3)
    multi_json (1.10.1)
    net-scp (1.2.1)
      net-ssh (>= 2.6.5)
    net-ssh (2.9.1)
    nokogiri (1.6.2.1-java)
    plissken (0.1.0)
    rake (10.4.2)
    rubyzip (1.1.7)
    sluice (0.2.1)
      contracts (~> 0.4)
      fog (~> 1.22)
    warbler (1.4.8)
      jruby-jars (>= 1.5.6, < 2.0)
      jruby-rack (>= 1.1.1, < 1.3)
      rake (>= 0.9.6)
      rubyzip (>= 0.9, < 1.2)

PLATFORMS
  java

DEPENDENCIES
  contracts (~> 0.4)
  jdbc-postgres
  plissken (~> 0.1.0)
  sluice (~> 0.2.1)
  warbler

BUNDLED WITH
   1.10.3
